GEM
  remote: https://rubygems.org/
  specs:
    erubis (2.7.0)
    json_schema (0.2.0)
    prmd (0.6.2)
      erubis (~> 2.7)
      json_schema (~> 0.1)

PLATFORMS
  ruby

DEPENDENCIES
  prmd
